PATH
  remote: .
  specs:
    odf-report (0.5.1)
      nokogiri (>= 1.5.0)
      rubyzip (~> 1.1.0)

GEM
  remote: https://rubygems.org/
  specs:
    addressable (2.3.6)
    better_errors (1.1.0)
      coderay (>= 1.0.0)
      erubis (>= 2.6.6)
    binding_of_caller (0.7.2)
      debug_inspector (>= 0.0.1)
    coderay (1.1.0)
    columnize (0.8.9)
    debug_inspector (0.0.2)
    debugger (1.6.8)
      columnize (>= 0.3.1)
      debugger-linecache (~> 1.2.0)
      debugger-ruby_core_source (~> 1.3.5)
    debugger-linecache (1.2.0)
    debugger-ruby_core_source (1.3.5)
    dentaku (1.1.0)
    diff-lcs (1.2.5)
    erubis (2.7.0)
    faker (1.4.3)
      i18n (~> 0.5)
    i18n (0.6.11)
    launchy (2.4.2)
      addressable (~> 2.3)
    method_source (0.8.2)
    mini_portile (0.6.0)
    nokogiri (1.6.3.1)
      mini_portile (= 0.6.0)
    pry (0.10.1)
      coderay (~> 1.1.0)
      method_source (~> 0.8.1)
      slop (~> 3.4)
    pry-rails (0.3.2)
      pry (>= 0.9.10)
    rake (10.3.2)
    rspec (3.0.0)
      rspec-core (~> 3.0.0)
      rspec-expectations (~> 3.0.0)
      rspec-mocks (~> 3.0.0)
    rspec-core (3.0.4)
      rspec-support (~> 3.0.0)
    rspec-expectations (3.0.4)
      diff-lcs (>= 1.2.0, < 2.0)
      rspec-support (~> 3.0.0)
    rspec-mocks (3.0.4)
      rspec-support (~> 3.0.0)
    rspec-support (3.0.4)
    rubyzip (1.1.6)
    slop (3.6.0)

PLATFORMS
  ruby

DEPENDENCIES
  better_errors
  binding_of_caller
  bundler (~> 1.6)
  debugger
  dentaku
  faker
  launchy
  odf-report!
  pry-rails
  rake
  rspec (~> 3.0.0)
